GIT
  remote: git://github.com/paypal/permissions-sdk-ruby.git
  revision: c0240bee9f94fe6338d67b4f754e1a11ce81619a
  ref: c0240bee9f94fe6338d67b4f754e1a11ce81619a
  branch: master
  specs:
    paypal-sdk-permissions (1.96.3)
      paypal-sdk-core (~> 0.3.0)

GEM
  remote: https://rubygems.org/
  specs:
    activemodel (4.2.0)
      activesupport (= 4.2.0)
      builder (~> 3.1)
    activerecord (4.2.0)
      activemodel (= 4.2.0)
      activesupport (= 4.2.0)
      arel (~> 6.0)
    activesupport (4.2.0)
      i18n (~> 0.7)
      json (~> 1.7, >= 1.7.7)
      minitest (~> 5.1)
      thread_safe (~> 0.3, >= 0.3.4)
      tzinfo (~> 1.1)
    arel (6.0.0)
    async_sinatra (1.1.0)
      rack (>= 1.4.1)
      sinatra (>= 1.3.2)
    builder (3.2.2)
    daemons (1.1.9)
    eventmachine (1.0.7)
    i18n (0.7.0)
    json (1.8.2)
    minitest (5.5.1)
    money (6.5.1)
      i18n (>= 0.6.4, <= 0.7.0)
    multi_json (1.11.0)
    mysql2 (0.3.16)
    paypal-sdk-core (0.3.1)
      multi_json (~> 1.0)
      xml-simple
    paypal-sdk-merchant (1.116.0)
      paypal-sdk-core (~> 0.3.0)
    possibly (0.2.0)
    rack (1.6.0)
    rack-protection (1.5.3)
      rack
    sinatra (1.4.5)
      rack (~> 1.4)
      rack-protection (~> 1.4)
      tilt (~> 1.3, >= 1.3.4)
    sinatra-activerecord (2.0.5)
      activerecord (>= 3.2)
      sinatra (~> 1.0)
    thin (1.6.3)
      daemons (~> 1.0, >= 1.0.9)
      eventmachine (~> 1.0)
      rack (~> 1.0)
    thread_safe (0.3.4)
    tilt (1.4.1)
    tzinfo (1.2.2)
      thread_safe (~> 0.1)
    xml-simple (1.1.5)

PLATFORMS
  ruby

DEPENDENCIES
  async_sinatra
  money
  mysql2
  paypal-sdk-merchant (~> 1.116.0)
  paypal-sdk-permissions!
  possibly (~> 0.2.0)
  sinatra (~> 1.4.5)
  sinatra-activerecord
  thin
